GEM
  remote: http://rubygems.org/
  specs:
    fakeweb (1.3.0)
    faraday (0.8.4)
      multipart-post (~> 1.1)
    faraday_middleware (0.9.0)
      faraday (>= 0.7.4, < 0.9)
    git (1.2.5)
    jeweler (1.8.4)
      bundler (~> 1.0)
      git (>= 1.2.5)
      rake
      rdoc
    json (1.7.6)
    minitest (4.3.3)
    multipart-post (1.1.5)
    rake (10.0.3)
    rdoc (3.12)
      json (~> 1.4)

PLATFORMS
  ruby

DEPENDENCIES
  bundler
  fakeweb
  faraday
  faraday_middleware
  jeweler
  json
  minitest
  rdoc
